GEM
  remote: https://rubygems.org/
  specs:
    geoip (1.6.1)
    openweathermap (0.0.6)
    rack (1.6.4)
    rack-protection (1.5.3)
      rack
    sinatra (1.4.6)
      rack (~> 1.4)
      rack-protection (~> 1.4)
      tilt (>= 1.3, < 3)
    tilt (2.0.2)

PLATFORMS
  ruby

DEPENDENCIES
  geoip
  openweathermap
  sinatra

BUNDLED WITH
   1.10.6
