GEM
  remote: https://rubygems.org/
  specs:
    builder (3.2.2)
    geoip (1.6.1)
    openweathermap (0.0.6)
    rack (1.6.4)
    rack-geoipcity (1.0.0)
      geoip
      rack
    rack-protection (1.5.3)
      rack
    sinatra (1.4.6)
      rack (~> 1.4)
      rack-protection (~> 1.4)
      tilt (>= 1.3, < 3)
    tilt (2.0.2)
    unidecoder (1.1.2)

PLATFORMS
  ruby

DEPENDENCIES
  builder
  openweathermap
  rack-geoipcity
  sinatra
  unidecoder

BUNDLED WITH
   1.10.6
