GEM
  remote: https://rubygems.org/
  specs:
    builder (3.2.3)
    byebug (10.0.2)
    faraday (0.15.4)
      multipart-post (>= 1.2, < 3)
    forecast_io (2.0.2)
      faraday
      hashie
      multi_json
    geoip (1.6.4)
    hashie (3.6.0)
    multi_json (1.13.1)
    multipart-post (2.0.0)
    mustermann (1.0.3)
    rack (2.0.6)
    rack-geoipcity (1.0.0)
      geoip
      rack
    rack-protection (2.0.4)
      rack
    redis (4.1.0)
    sinatra (2.0.4)
      mustermann (~> 1.0)
      rack (~> 2.0)
      rack-protection (= 2.0.4)
      tilt (~> 2.0)
    tilt (2.0.9)
    unidecoder (1.1.2)

PLATFORMS
  ruby

DEPENDENCIES
  builder
  byebug
  forecast_io
  rack-geoipcity
  redis
  sinatra
  unidecoder

BUNDLED WITH
   1.17.2
